PATH
  remote: .
  specs:
    getresponse (0.6)
      json (~> 2.1.0)
      json_pure (~> 2.1.0)

GEM
  remote: http://rubygems.org/
  specs:
    json (2.1.0)
    json_pure (2.1.0)
    rake (0.9.2.2)
    rr (1.0.4)

PLATFORMS
  java
  ruby

DEPENDENCIES
  getresponse!
  rake
  rr (~> 1.0)

BUNDLED WITH
   1.14.6
